{
    "Modality": "MR", 
    "MagneticFieldStrength": 3, 
    "ImagingFrequency": 123.242, 
    "Manufacturer": "Siemens", 
    "ManufacturersModelName": "Verio", 
    "InstitutionName": "Rhode_Island_Hospital", 
    "DeviceSerialNumber": "4QJWBYfte5Lo", 
    "PatientPosition": "HFS", 
    "SoftwareVersions": "syngo_MR_B19", 
    "MRAcquisitionType": "3D", 
    "SeriesDescription": "Accelerated_Sagittal_MPRAGE", 
    "ProtocolName": "Accelerated_Sagittal_MPRAGE", 
    "ScanningSequence": "GR_IR", 
    "SequenceVariant": "SP_MP", 
    "ScanOptions": "IR", 
    "SequenceName": "_tfl3d1_ns", 
    "ImageType": [
        "ORIGINAL", 
        "PRIMARY", 
        "M", 
        "NORM", 
        "DIS3D", 
        "DIS2D"
    ], 
    "SeriesNumber": 3, 
    "AcquisitionTime": "13:37:32.327500", 
    "AcquisitionNumber": 1, 
    "SliceThickness": 1, 
    "SAR": 0.0500418, 
    "EchoTime": 0.00298, 
    "RepetitionTime": 2.3, 
    "InversionTime": 0.9, 
    "FlipAngle": 9, 
    "PartialFourier": 1, 
    "BaseResolution": 256, 
    "ShimSetting": [
        -4074, 
        12549, 
        15934, 
        340, 
        147, 
        -293, 
        -91, 
        -336
    ], 
    "TxRefAmp": 489.177, 
    "PhaseResolution": 1, 
    "ReceiveCoilName": "HeadMatrix", 
    "PulseSequenceDetails": "%SiemensSeq%_tfl", 
    "PercentPhaseFOV": 93.75, 
    "PhaseEncodingSteps": 239, 
    "AcquisitionMatrixPE": 240, 
    "ReconMatrixPE": 256, 
    "PixelBandwidth": 238, 
    "DwellTime": 8.2e-06, 
    "ImageOrientationPatientDICOM": [
        0, 
        1, 
        0, 
        0, 
        0, 
        -1
    ], 
    "InPlanePhaseEncodingDirectionDICOM": "ROW", 
    "ConversionSoftware": "dcm2niix", 
    "ConversionSoftwareVersion": "v1.0.20181125  GCC5.3.1", 
    "Dcm2bidsVersion": "2.1.4"
}